PATH
  remote: .
  specs:
    rspec-http-fixtures (0.0.3)
      byebug

GEM
  remote: https://rubygems.org/
  specs:
    byebug (11.1.3)

PLATFORMS
  arm64-darwin-21

DEPENDENCIES
  rspec-http-fixtures!

BUNDLED WITH
   2.4.20
